GEM
  remote: https://rubygems.org/
  specs:
    jekyll-theme-prologue (0.3.3)

PLATFORMS
  x64-mingw-ucrt

DEPENDENCIES
  jekyll-theme-prologue

BUNDLED WITH
   2.4.14
